GEM
  remote: https://rubygems.org/
  specs:
    equatable (0.6.1)
    hashie (3.6.0)
    necromancer (0.5.0)
    pastel (0.7.3)
      equatable (~> 0.6)
      tty-color (~> 0.5)
    thor (0.20.3)
    tty-color (0.5.0)
    tty-cursor (0.7.0)
    tty-prompt (0.19.0)
      necromancer (~> 0.5.0)
      pastel (~> 0.7.0)
      tty-reader (~> 0.6.0)
    tty-reader (0.6.0)
      tty-cursor (~> 0.7)
      tty-screen (~> 0.7)
      wisper (~> 2.0.0)
    tty-screen (0.7.0)
    wisper (2.0.0)

PLATFORMS
  ruby

DEPENDENCIES
  hashie (~> 3.6)
  thor (~> 0.20.3)
  tty-prompt (~> 0.19.0)

BUNDLED WITH
   1.17.2
